GEM
  remote: https://rubygems.org/
  specs:
    addressable (2.3.5)
    ansi (1.4.3)
    aws-sdk (1.67.0)
      aws-sdk-v1 (= 1.67.0)
    aws-sdk-v1 (1.67.0)
      json (~> 1.4)
      nokogiri (~> 1)
    boxen (2.0.4)
      ansi (~> 1.4)
      hiera (~> 1.0)
      highline (~> 1.6)
      json_pure (>= 1.7.7, < 2.0)
      librarian-puppet (~> 0.9.9)
      octokit (~> 2.3.0)
      puppet (~> 3.0)
    builder (3.2.3)
    diff-lcs (1.2.4)
    facter (1.7.3)
    faraday (0.8.8)
      multipart-post (~> 1.2.0)
    hiera (1.2.1)
      json_pure
    highline (1.6.20)
    json (1.8.6)
    json_pure (1.8.1)
    librarian-puppet (0.9.10)
      json
      thor (~> 0.15)
    metaclass (0.0.1)
    mini_portile2 (2.3.0)
    mocha (0.14.0)
      metaclass (~> 0.0.1)
    multipart-post (1.2.0)
    net-ssh (2.6.5)
    nokogiri (1.8.5)
      mini_portile2 (~> 2.3.0)
    octokit (2.3.1)
      sawyer (~> 0.5.1)
    open4 (1.3.0)
    puppet (3.3.1)
      facter (~> 1.6)
      hiera (~> 1.0)
      rgen (~> 0.6.5)
    puppet-lint (0.3.2)
    puppetlabs_spec_helper (0.4.1)
      mocha (>= 0.10.5)
      rake
      rspec (>= 2.9.0)
      rspec-puppet (>= 0.1.1)
    rake (10.0.3)
    rbvmomi (1.13.0)
      builder (~> 3.0)
      json (>= 1.8)
      nokogiri (~> 1.5)
      trollop (~> 2.1)
    rgen (0.6.6)
    rspec (2.14.1)
      rspec-core (~> 2.14.0)
      rspec-expectations (~> 2.14.0)
      rspec-mocks (~> 2.14.0)
    rspec-core (2.14.6)
    rspec-expectations (2.14.3)
      diff-lcs (>= 1.1.3, < 2.0)
    rspec-mocks (2.14.4)
    rspec-puppet (0.1.6)
      rspec
    sawyer (0.5.1)
      addressable (~> 2.3.5)
      faraday (~> 0.8, < 0.10)
    thor (0.18.1)
    trollop (2.9.9)

PLATFORMS
  ruby

DEPENDENCIES
  aws-sdk (~> 1.27, >= 1.27.0)
  boxen (~> 2.0.4)
  hiera (~> 1.1)
  librarian-puppet (~> 0.9.9)
  net-ssh
  open4 (~> 1.3)
  puppet (= 3.3.1)
  puppet-lint (= 0.3.2)
  puppetlabs_spec_helper (= 0.4.1)
  rake (= 10.0.3)
  rbvmomi (>= 1.6.0)
  rspec-puppet (= 0.1.6)

BUNDLED WITH
   1.16.6
