GEM
  remote: https://rubygems.org/
  specs:
    addressable (2.3.8)
    ansi (1.5.0)
    aws-sdk (1.22.1)
      json (~> 1.4)
      nokogiri (>= 1.4.4, < 1.6.0)
      uuidtools (~> 2.1)
    boxen (2.5.0)
      ansi (~> 1.4)
      hiera (~> 1.0)
      highline (~> 1.6)
      json_pure (>= 1.7.7, < 2.0)
      librarian-puppet (~> 0.9.10)
      octokit (~> 2.7, >= 2.7.1)
      puppet (~> 3.0)
    builder (3.2.3)
    diff-lcs (1.2.4)
    facter (1.7.6)
    faraday (0.9.2)
      multipart-post (>= 1.2, < 3)
    hiera (1.2.1)
      json_pure
    highline (1.7.10)
    json (1.8.6)
    json_pure (1.8.6)
    librarian-puppet (0.9.10)
      json
      thor (~> 0.15)
    metaclass (0.0.1)
    mocha (0.14.0)
      metaclass (~> 0.0.1)
    multipart-post (2.0.0)
    net-ssh (2.6.5)
    nokogiri (1.5.11)
    octokit (2.7.2)
      sawyer (~> 0.5.2)
    open4 (1.3.0)
    optimist (3.0.0)
    puppet (3.3.1)
      facter (~> 1.6)
      hiera (~> 1.0)
      rgen (~> 0.6.5)
    puppet-lint (0.3.2)
    puppetlabs_spec_helper (0.4.1)
      mocha (>= 0.10.5)
      rake
      rspec (>= 2.9.0)
      rspec-puppet (>= 0.1.1)
    rake (10.0.3)
    rbvmomi (2.0.0)
      builder (~> 3.0)
      json (>= 1.8)
      nokogiri (~> 1.5)
      optimist (~> 3.0)
    rgen (0.6.6)
    rspec (2.14.1)
      rspec-core (~> 2.14.0)
      rspec-expectations (~> 2.14.0)
      rspec-mocks (~> 2.14.0)
    rspec-core (2.14.6)
    rspec-expectations (2.14.3)
      diff-lcs (>= 1.1.3, < 2.0)
    rspec-mocks (2.14.4)
    rspec-puppet (0.1.6)
      rspec
    sawyer (0.5.5)
      addressable (~> 2.3.5)
      faraday (~> 0.8, < 0.10)
    thor (0.20.3)
    uuidtools (2.1.4)

PLATFORMS
  ruby

DEPENDENCIES
  aws-sdk (~> 1.21)
  boxen (~> 2.5.0)
  hiera (~> 1.1)
  librarian-puppet (~> 0.9.9)
  net-ssh
  open4 (~> 1.3)
  puppet (= 3.3.1)
  puppet-lint (= 0.3.2)
  puppetlabs_spec_helper (= 0.4.1)
  rake (= 10.0.3)
  rbvmomi
  rspec-puppet (= 0.1.6)
