GEM
  remote: https://rubygems.org/
  specs:
    addressable (2.3.8)
    ansi (1.5.0)
    aws-sdk (1.67.0)
      aws-sdk-v1 (= 1.67.0)
    aws-sdk-v1 (1.67.0)
      json (~> 1.4)
      nokogiri (~> 1)
    boxen (2.5.0)
      ansi (~> 1.4)
      hiera (~> 1.0)
      highline (~> 1.6)
      json_pure (>= 1.7.7, < 2.0)
      librarian-puppet (~> 0.9.10)
      octokit (~> 2.7, >= 2.7.1)
      puppet (~> 3.0)
    builder (3.2.3)
    diff-lcs (1.3)
    facter (2.5.1)
    faraday (0.9.2)
      multipart-post (>= 1.2, < 3)
    hiera (1.3.4)
      json_pure
    highline (1.7.10)
    json (1.8.6)
    json_pure (1.8.6)
    librarian (0.1.2)
      highline
      thor (~> 0.15)
    librarian-puppet (0.9.17)
      json
      librarian (>= 0.1.2)
    metaclass (0.0.4)
    mini_portile2 (2.3.0)
    mocha (1.7.0)
      metaclass (~> 0.0.1)
    multipart-post (2.0.0)
    net-ssh (2.6.5)
    nokogiri (1.8.5)
      mini_portile2 (~> 2.3.0)
    octokit (2.7.2)
      sawyer (~> 0.5.2)
    open4 (1.3.4)
    optimist (3.0.0)
    puppet (3.8.7)
      facter (> 1.6, < 3)
      hiera (~> 1.0)
      json_pure
    puppet-lint (0.3.2)
    puppet-syntax (2.4.1)
      rake
    puppetlabs_spec_helper (1.1.1)
      mocha
      puppet-lint
      puppet-syntax
      rake
      rspec-puppet
    rake (12.3.1)
    rbvmomi (2.0.0)
      builder (~> 3.0)
      json (>= 1.8)
      nokogiri (~> 1.5)
      optimist (~> 3.0)
    rspec (3.8.0)
      rspec-core (~> 3.8.0)
      rspec-expectations (~> 3.8.0)
      rspec-mocks (~> 3.8.0)
    rspec-core (3.8.0)
      rspec-support (~> 3.8.0)
    rspec-expectations (3.8.2)
      diff-lcs (>= 1.2.0, < 2.0)
      rspec-support (~> 3.8.0)
    rspec-mocks (3.8.0)
      diff-lcs (>= 1.2.0, < 2.0)
      rspec-support (~> 3.8.0)
    rspec-puppet (0.1.6)
      rspec
    rspec-support (3.8.0)
    sawyer (0.5.5)
      addressable (~> 2.3.5)
      faraday (~> 0.8, < 0.10)
    thor (0.20.3)

PLATFORMS
  ruby

DEPENDENCIES
  aws-sdk (~> 1.27, >= 1.27.0)
  boxen (~> 2.5.0)
  hiera (~> 1.3)
  librarian-puppet (~> 0.9.17)
  net-ssh
  open4 (~> 1.3)
  puppet (= 3.8.7)
  puppet-lint (= 0.3.2)
  puppetlabs_spec_helper (= 1.1.1)
  rake (= 12.3.1)
  rbvmomi (>= 1.6.0)
  rspec-puppet (= 0.1.6)

BUNDLED WITH
   1.16.6
